PATH
  remote: .
  specs:
    tiny_daemon (0.0.2)

GEM
  remote: https://rubygems.org/
  specs:
    minitest (5.2.0)
    rake (10.1.0)

PLATFORMS
  ruby

DEPENDENCIES
  minitest
  rake
  tiny_daemon!
